GIT
  remote: https://github.com/sachinahj/pig-latin.git
  revision: 8da3f3dfa9b6ece9ebbd1e89887f5ee10a6dede7
  specs:
    pig_latin (0.0.1)

GEM
  remote: https://rubygems.org/
  specs:
    rack (1.5.2)
    rack-protection (1.5.3)
      rack
    sinatra (1.4.5)
      rack (~> 1.4)
      rack-protection (~> 1.4)
      tilt (~> 1.3, >= 1.3.4)
    tilt (1.4.1)

PLATFORMS
  ruby

DEPENDENCIES
  pig_latin!
  sinatra
